GEM
  remote: https://rubygems.org/
  specs:
    rack (1.6.4)
    rulers (0.1.0)
      rack (~> 1.6)

PLATFORMS
  ruby

DEPENDENCIES
  rulers (= 0.1.0)
